GEM
  remote: http://rubygems.org/
  specs:
    actionmailer (3.2.22.4)
      actionpack (= 3.2.22.4)
      mail (~> 2.5.4)
    actionpack (3.2.22.4)
      activemodel (= 3.2.22.4)
      activesupport (= 3.2.22.4)
      builder (~> 3.0.0)
      erubis (~> 2.7.0)
      journey (~> 1.0.4)
      rack (~> 1.4.5)
      rack-cache (~> 1.2)
      rack-test (~> 0.6.1)
      sprockets (~> 2.2.1)
    activemodel (3.2.22.4)
      activesupport (= 3.2.22.4)
      builder (~> 3.0.0)
    activerecord (3.2.22.4)
      activemodel (= 3.2.22.4)
      activesupport (= 3.2.22.4)
      arel (~> 3.0.2)
      tzinfo (~> 0.3.29)
    activeresource (3.2.22.4)
      activemodel (= 3.2.22.4)
      activesupport (= 3.2.22.4)
    activesupport (3.2.22.4)
      i18n (~> 0.6, >= 0.6.4)
      multi_json (~> 1.0)
    arel (3.0.3)
    builder (3.0.4)
    byebug (9.0.6)
    climate_control (0.1.0)
    cocaine (0.5.8)
      climate_control (>= 0.0.3, < 1.0)
    cucumber (2.4.0)
      builder (>= 2.1.2)
      cucumber-core (~> 1.5.0)
      cucumber-wire (~> 0.0.1)
      diff-lcs (>= 1.1.3)
      gherkin (~> 4.0)
      multi_json (>= 1.7.5, < 2.0)
      multi_test (>= 0.1.2)
    cucumber-core (1.5.0)
      gherkin (~> 4.0)
    cucumber-rails (0.3.1)
      cucumber (>= 0.7.2)
    cucumber-wire (0.0.1)
    database_cleaner (0.5.0)
    declarative_authorization (0.5.7)
    delayed_job (3.0.0)
      activesupport (~> 3.0)
    delayed_job_active_record (4.1.1)
      activerecord (>= 3.0, < 5.1)
      delayed_job (>= 3.0, < 5)
    diff-lcs (1.3)
    erubis (2.7.0)
    gherkin (4.0.0)
    hike (1.2.3)
    hoe (3.16.0)
      rake (>= 0.8, < 13.0)
    i18n (0.8.1)
    in_place_editing (1.2.0)
    journey (1.0.4)
    jquery-rails (3.1.4)
      railties (>= 3.0, < 5.0)
      thor (>= 0.14, < 2.0)
    json (1.8.6)
    mail (2.5.4)
      mime-types (~> 1.16)
      treetop (~> 1.4.8)
    mime-types (1.25.1)
    mini_portile (0.5.3)
    multi_json (1.12.1)
    multi_test (0.1.2)
    mysql (2.8.1)
    nokogiri (1.6.0)
      mini_portile (~> 0.5.0)
    paperclip (2.8.0)
      activerecord (>= 2.3.0)
      activesupport (>= 2.3.2)
      cocaine (>= 0.0.2)
      mime-types
    polyglot (0.3.5)
    rack (1.4.7)
    rack-cache (1.7.0)
      rack (>= 0.4)
    rack-ssl (1.3.4)
      rack
    rack-test (0.6.3)
      rack (>= 1.0)
    rails (3.2.22.4)
      actionmailer (= 3.2.22.4)
      actionpack (= 3.2.22.4)
      activerecord (= 3.2.22.4)
      activeresource (= 3.2.22.4)
      activesupport (= 3.2.22.4)
      bundler (~> 1.0)
      railties (= 3.2.22.4)
    railties (3.2.22.4)
      actionpack (= 3.2.22.4)
      activesupport (= 3.2.22.4)
      rack-ssl (~> 1.3.2)
      rake (>= 0.8.7)
      rdoc (~> 3.4)
      thor (>= 0.14.6, < 2.0)
    rake (0.8.7)
    rb-readline (0.5.4)
    rdoc (3.12.2)
      json (~> 1.4)
    rspec (1.3.1)
    rspec-rails (1.3.3)
      rack (>= 1.0.0)
      rspec (= 1.3.1)
    sprockets (2.2.3)
      hike (~> 1.2)
      multi_json (~> 1.0)
      rack (~> 1.0)
      tilt (~> 1.1, != 1.3.0)
    test-unit (1.2.3)
      hoe (>= 1.5.1)
    thor (0.19.4)
    tilt (1.4.1)
    treetop (1.4.15)
      polyglot
      polyglot (>= 0.3.1)
    tzinfo (0.3.52)
    webrat (0.7.0)
      nokogiri (>= 1.2.0)
      rack (>= 1.0)
      rack-test (>= 0.5.3)
    wicked_pdf (0.7.0)
    will_paginate (3.1.5)

PLATFORMS
  ruby

DEPENDENCIES
  byebug
  cucumber-rails (= 0.3.1)
  database_cleaner (= 0.5.0)
  declarative_authorization
  delayed_job (= 3.0.0)
  delayed_job_active_record
  in_place_editing
  jquery-rails
  mysql (= 2.8.1)
  nokogiri (= 1.6.0)
  paperclip (~> 2.3)
  rails (= 3.2.22.4)
  rake (= 0.8.7)
  rb-readline
  rspec-rails (= 1.3.3)
  test-unit (= 1.2.3)
  webrat (= 0.7.0)
  wicked_pdf (= 0.7.0)
  will_paginate (>= 3.0.pre)

BUNDLED WITH
   1.14.5
